GEM
  remote: https://rubygems.org/
  specs:
    simplelion-ruby (0.1.1)
    unicode (0.4.4.1)

PLATFORMS
  ruby

DEPENDENCIES
  simplelion-ruby
  unicode
