GEM
  remote: https://rubygems.org/
  specs:
    byebug (3.5.1)
      columnize (~> 0.8)
      debugger-linecache (~> 1.2)
      slop (~> 3.6)
    columnize (0.9.0)
    debugger-linecache (1.2.0)
    httparty (0.13.1)
      json (~> 1.8)
      multi_xml (>= 0.5.2)
    json (1.8.1)
    multi_xml (0.5.5)
    simplelion-ruby (0.1.1)
    slop (3.6.0)
    unicode (0.4.4.1)

PLATFORMS
  ruby

DEPENDENCIES
  byebug
  httparty
  simplelion-ruby
  unicode
