GEM
  remote: https://rubygems.org/
  specs:
    byebug (3.5.1)
      columnize (~> 0.8)
      debugger-linecache (~> 1.2)
      slop (~> 3.6)
    columnize (0.9.0)
    debugger-linecache (1.2.0)
    httparty (0.13.1)
      json (~> 1.8)
      multi_xml (>= 0.5.2)
    httpclient (2.6.0.1)
    json (1.8.1)
    multi_json (1.11.2)
    multi_xml (0.5.5)
    pusher (0.14.5)
      httpclient (~> 2.5)
      multi_json (~> 1.0)
      signature (~> 0.1.8)
    signature (0.1.8)
    simplelion-ruby (0.1.1)
    slop (3.6.0)
    unicode (0.4.4.1)

PLATFORMS
  ruby

DEPENDENCIES
  byebug
  httparty
  pusher
  simplelion-ruby
  unicode
